GEM
  remote: https://rubygems.org/
  specs:
    activesupport (3.2.19)
      i18n (~> 0.6, >= 0.6.4)
      multi_json (~> 1.0)
    async_sinatra (1.1.0)
      rack (>= 1.4.1)
      sinatra (>= 1.3.2)
    coffee-script (2.2.0)
      coffee-script-source
      execjs
    coffee-script-source (1.7.0)
    curb (0.8.5)
    daemons (1.1.9)
    eventmachine (1.0.3)
    execjs (2.2.1)
    ffi (1.9.3)
    i18n (0.6.9)
    json (1.8.1)
    kramdown (1.3.3)
    listen (1.3.1)
      rb-fsevent (>= 0.9.3)
      rb-inotify (>= 0.9)
      rb-kqueue (>= 0.2)
    maruku (0.7.2)
    mime-types (2.3)
    mini_portile (0.6.0)
    msgpack (0.4.7)
    multi_json (1.10.1)
    nokogiri (1.6.2.1)
      mini_portile (= 0.6.0)
    polytexnic (0.9.10)
      json (~> 1.8.1)
      kramdown (~> 1.3.2)
      msgpack (~> 0.4.2)
      nokogiri (~> 1.6.0)
      pygments.rb (~> 0.4.2)
    posix-spawn (0.3.8)
    pygments.rb (0.4.2)
      posix-spawn (~> 0.3.6)
      yajl-ruby (~> 1.1.0)
    rack (1.5.2)
    rack-protection (1.5.3)
      rack
    rb-fsevent (0.9.4)
    rb-inotify (0.9.5)
      ffi (>= 0.5.0)
    rb-kqueue (0.2.3)
      ffi (>= 0.5.0)
    rest-client (1.6.7)
      mime-types (>= 1.16)
    ruby-progressbar (1.4.2)
    sanitize (2.0.6)
      nokogiri (>= 1.4.4)
    sinatra (1.4.5)
      rack (~> 1.4)
      rack-protection (~> 1.4)
      tilt (~> 1.3, >= 1.3.4)
    sinatra-respond_to (0.9.0)
      sinatra (~> 1.3)
    softcover (0.9.23)
      activesupport (~> 3.2.16)
      async_sinatra (~> 1.1.0)
      coffee-script (~> 2.2.0)
      curb (~> 0.8.5)
      kramdown (~> 1.3.2)
      listen (~> 1.3.1)
      maruku (~> 0.7.1)
      msgpack (~> 0.4.2)
      nokogiri (~> 1.6.0)
      polytexnic (~> 0.9.10)
      pygments.rb (~> 0.4.2)
      rb-fsevent (~> 0.9.3)
      rest-client (~> 1.6.7)
      ruby-progressbar (~> 1.4.2)
      sanitize (~> 2.0.6)
      sinatra (~> 1.4.4)
      sinatra-respond_to (~> 0.9.0)
      thin (~> 1.6.1)
      thor (~> 0.18.1)
    thin (1.6.2)
      daemons (>= 1.0.9)
      eventmachine (>= 1.0.0)
      rack (>= 1.0.0)
    thor (0.18.1)
    tilt (1.4.1)
    yajl-ruby (1.1.0)

PLATFORMS
  ruby

DEPENDENCIES
  softcover
